GIT
  remote: git://github.com/brynary/rack-test.git
  revision: 3bc79d37d21085c1ab13e7e78fc94323b60e9de1
  specs:
    rack-test (0.6.1)
      rack (>= 1.0)

GEM
  remote: http://www.rubygems.org/
  specs:
    rack (1.3.2)

PLATFORMS
  ruby

DEPENDENCIES
  rack-test!
